PATH
  remote: .
  specs:
    money_column (0.2.1)
      activesupport (>= 2.3.14)
      money (~> 4.0.1)

GEM
  remote: http://rubygems.org/
  specs:
    activesupport (2.3.14)
    diff-lcs (1.1.3)
    growl (1.0.3)
    guard (0.8.8)
      thor (~> 0.14.6)
    guard-rspec (0.5.8)
      guard (>= 0.8.4)
    i18n (0.6.0)
    json (1.6.2)
    money (4.0.1)
      i18n (~> 0.4)
      json
    rake (0.9.2.2)
    rb-fsevent (0.4.3.1)
    rspec (2.7.0)
      rspec-core (~> 2.7.0)
      rspec-expectations (~> 2.7.0)
      rspec-mocks (~> 2.7.0)
    rspec-core (2.7.1)
    rspec-expectations (2.7.0)
      diff-lcs (~> 1.1.2)
    rspec-mocks (2.7.0)
    thor (0.14.6)

PLATFORMS
  ruby

DEPENDENCIES
  activesupport (= 2.3.14)
  growl (~> 1.0.3)
  guard-rspec (~> 0.5.0)
  money_column!
  rake (~> 0.9.2)
  rb-fsevent (~> 0.4.2)
  rspec (~> 2.7.0)
